GIT
  remote: git://github.com/theodi/data_kitten.git
  revision: c0dbedc735bb0d35fb7ac64942dcdbb1fe66f5c3
  specs:
    data_kitten (0.0.1)
      curb
      git
      json
      linkeddata
      nokogiri
      rest-client

GEM
  remote: https://rubygems.org/
  remote: http://gems.github.com/
  specs:
    addressable (2.3.5)
    backports (3.3.5)
    curb (0.8.5)
    ebnf (0.3.1)
      rdf
      sxp
    emk-sinatra-url-for (0.2.1)
      sinatra (>= 0.9.1.1)
    git (1.2.6)
    haml (4.0.3)
      tilt
    htmlentities (4.3.1)
    json (1.8.0)
    json-ld (1.0.7)
      json (>= 1.7.5)
      rdf (>= 1.0.8)
    json_pure (1.8.0)
    linkeddata (1.0.9)
      json-ld (>= 1.0.7)
      rdf (>= 1.0.9)
      rdf-isomorphic (>= 1.0.2)
      rdf-json (>= 1.0)
      rdf-microdata (>= 1.0.2)
      rdf-n3 (>= 1.0.1)
      rdf-rdfa (>= 1.0.2)
      rdf-rdfxml (>= 1.0.2)
      rdf-trig (>= 1.0.3)
      rdf-trix (>= 1.0)
      rdf-turtle (>= 1.0.9)
    mime-types (1.25)
    mini_portile (0.5.1)
    multi_json (1.8.1)
    nokogiri (1.6.0)
      mini_portile (~> 0.5.0)
    rack (1.5.2)
    rack-protection (1.5.0)
      rack
    rack-test (0.6.2)
      rack (>= 1.0)
    rdf (1.0.9)
      addressable (>= 2.3)
    rdf-isomorphic (1.0.2)
      rdf (>= 1.0)
    rdf-json (1.0.0)
      json_pure (>= 1.4)
      rdf (>= 1.0)
    rdf-microdata (1.0.2.1)
      htmlentities (>= 4.3.0)
      json (>= 1.7.7)
      rdf (>= 1.0.7)
      rdf-xsd (>= 1.0)
    rdf-n3 (1.0.2)
      rdf (>= 1.0.7)
    rdf-rdfa (1.0.2)
      haml (>= 4.0)
      htmlentities (>= 4.3.1)
      rdf (>= 1.0.5)
      rdf-xsd (>= 1.0)
    rdf-rdfxml (1.0.2)
      rdf (>= 1.0)
      rdf-xsd (>= 1.0)
    rdf-trig (1.0.3)
      ebnf (>= 0.3.0)
      rdf (>= 1.0.7)
      rdf-turtle (>= 1.0.9)
    rdf-trix (1.0.0)
      rdf (>= 1.0)
    rdf-turtle (1.0.9)
      ebnf (>= 0.3.0)
      rdf (>= 1.0.7)
    rdf-xsd (1.0.2.1)
      nokogiri (>= 1.5.0)
      rdf (>= 0.3.4)
    rest-client (1.6.7)
      mime-types (>= 1.16)
    sinatra (1.4.3)
      rack (~> 1.4)
      rack-protection (~> 1.4)
      tilt (~> 1.3, >= 1.3.4)
    sinatra-contrib (1.4.1)
      backports (>= 2.0)
      multi_json
      rack-protection
      rack-test
      sinatra (~> 1.4.0)
      tilt (~> 1.3)
    sinatra-partial (0.4.0)
      sinatra
    sinatra-static-assets (1.0.4)
      sinatra (>= 1.1.0)
    sxp (0.1.3)
      json (>= 1.1.1)
    tilt (1.4.1)

PLATFORMS
  ruby

DEPENDENCIES
  data_kitten!
  emk-sinatra-url-for
  json
  sinatra
  sinatra-contrib
  sinatra-partial
  sinatra-static-assets
